PATH
  remote: .
  specs:
    has_unpublished_password (0.2.1)
      ruby-bitfield

GEM
  remote: https://rubygems.org/
  specs:
    minitest (5.14.3)
    rake (13.0.3)
    ruby-bitfield (0.1.0)

PLATFORMS
  ruby

DEPENDENCIES
  bundler (> 1.17)
  has_unpublished_password!
  minitest (> 5.0)
  rake (> 10.0)

BUNDLED WITH
   1.17.3
