PATH
  remote: .
  specs:
    has_unpublished_password (0.1.0)
      cuckoo_filter

GEM
  remote: https://rubygems.org/
  specs:
    cuckoo_filter (0.1.1)
      fnv-hash
    fnv-hash (0.2.0)
    minitest (5.11.3)
    rake (10.5.0)

PLATFORMS
  ruby

DEPENDENCIES
  bundler (~> 1.17)
  has_unpublished_password!
  minitest (~> 5.0)
  rake (~> 10.0)

BUNDLED WITH
   1.17.3
